PATH
  remote: .
  specs:
    terminator (0.4.5)
      fattr

GEM
  remote: http://rubygems.org/
  specs:
    bacon (1.1.0)
    diff-lcs (1.1.3)
    fattr (2.2.1)
    rspec (2.9.0)
      rspec-core (~> 2.9.0)
      rspec-expectations (~> 2.9.0)
      rspec-mocks (~> 2.9.0)
    rspec-core (2.9.0)
    rspec-expectations (2.9.1)
      diff-lcs (~> 1.1.3)
    rspec-mocks (2.9.0)

PLATFORMS
  ruby

DEPENDENCIES
  bacon
  rspec
  terminator!
